GIT
  remote: git://github.com/jayvarner/rails_api_auth.git
  revision: 48181fb07f13121abde48844d39598920c90822d
  tag: 0.0.9
  specs:
    rails_api_auth (0.0.9)
      bcrypt (~> 3.1.7)
      httparty (~> 0.13.3)
      rails (>= 3.2.6, < 6)

GIT
  remote: git://github.com/jayvarner/rgeo-activerecord.git
  revision: 6f23af064a361b52029837cb83d7840fcfeb3c3f
  branch: develop
  specs:
    rgeo-activerecord (5.1.0)
      activerecord (~> 5.0)
      rgeo (~> 0.3)

GIT
  remote: git://github.com/stympy/faker.git
  revision: f1c19a6a1a1d18682de5d358d3d8dea9e075cfff
  branch: master
  specs:
    faker (2.10.0)
      i18n (>= 1.6, < 1.8)

GEM
  remote: https://rubygems.org/
  specs:
    CFPropertyList (2.3.6)
    actioncable (5.2.4.1)
      actionpack (= 5.2.4.1)
      nio4r (~> 2.0)
      websocket-driver (>= 0.6.1)
    actionmailer (5.2.4.1)
      actionpack (= 5.2.4.1)
      actionview (= 5.2.4.1)
      activejob (= 5.2.4.1)
      mail (~> 2.5, >= 2.5.4)
      rails-dom-testing (~> 2.0)
    actionpack (5.2.4.1)
      actionview (= 5.2.4.1)
      activesupport (= 5.2.4.1)
      rack (~> 2.0, >= 2.0.8)
      rack-test (>= 0.6.3)
      rails-dom-testing (~> 2.0)
      rails-html-sanitizer (~> 1.0, >= 1.0.2)
    actionview (5.2.4.1)
      activesupport (= 5.2.4.1)
      builder (~> 3.1)
      erubi (~> 1.4)
      rails-dom-testing (~> 2.0)
      rails-html-sanitizer (~> 1.0, >= 1.0.3)
    active_model_serializers (0.10.10)
      actionpack (>= 4.1, < 6.1)
      activemodel (>= 4.1, < 6.1)
      case_transform (>= 0.2)
      jsonapi-renderer (>= 0.1.1.beta1, < 0.3)
    activejob (5.2.4.1)
      activesupport (= 5.2.4.1)
      globalid (>= 0.3.6)
    activemodel (5.2.4.1)
      activesupport (= 5.2.4.1)
    activerecord (5.2.4.1)
      activemodel (= 5.2.4.1)
      activesupport (= 5.2.4.1)
      arel (>= 9.0)
    activerecord-postgis-adapter (5.0.3)
      activerecord (~> 5.1)
      rgeo-activerecord (~> 5.1)
    activestorage (5.2.4.1)
      actionpack (= 5.2.4.1)
      activerecord (= 5.2.4.1)
      marcel (~> 0.3.1)
    activesupport (5.2.4.1)
      concurrent-ruby (~> 1.0, >= 1.0.2)
      i18n (>= 0.7, < 2)
      minitest (~> 5.1)
      tzinfo (~> 1.1)
    acts-as-taggable-on (5.0.0)
      activerecord (>= 4.2.8)
    addressable (2.7.0)
      public_suffix (>= 2.0.2, < 5.0)
    airbrussh (1.4.0)
      sshkit (>= 1.6.1, != 1.7.0)
    arel (9.0.0)
    bcrypt (3.1.13)
    binding_of_caller (0.8.0)
      debug_inspector (>= 0.0.1)
    bootsnap (1.4.5)
      msgpack (~> 1.0)
    builder (3.2.4)
    bundler-audit (0.6.1)
      bundler (>= 1.2.0, < 3)
      thor (~> 0.18)
    byebug (11.0.1)
    cancan (1.6.10)
    capistrano (3.11.2)
      airbrussh (>= 1.0.0)
      i18n
      rake (>= 10.0.0)
      sshkit (>= 1.9.0)
    capistrano-bundler (1.6.0)
      capistrano (~> 3.1)
    capistrano-passenger (0.2.0)
      capistrano (~> 3.0)
    capistrano-rails (1.4.0)
      capistrano (~> 3.1)
      capistrano-bundler (~> 1.1)
    capistrano-rbenv (2.1.4)
      capistrano (~> 3.1)
      sshkit (~> 1.3)
    carrierwave (2.0.2)
      activemodel (>= 5.0.0)
      activesupport (>= 5.0.0)
      addressable (~> 2.6)
      image_processing (~> 1.1)
      mimemagic (>= 0.3.0)
      mini_mime (>= 0.1.3)
    case_transform (0.2)
      activesupport
    concurrent-ruby (1.1.5)
    coveralls (0.8.23)
      json (>= 1.8, < 3)
      simplecov (~> 0.16.1)
      term-ansicolor (~> 1.3)
      thor (>= 0.19.4, < 2.0)
      tins (~> 1.6)
    crass (1.0.5)
    database_cleaner (1.7.0)
    debug_inspector (0.0.3)
    diff-lcs (1.3)
    docile (1.3.2)
    dry-inflector (0.2.0)
    erubi (1.9.0)
    excon (0.71.1)
    factory_bot (5.1.1)
      activesupport (>= 4.2.0)
    factory_bot_rails (5.1.1)
      factory_bot (~> 5.1.0)
      railties (>= 4.2.0)
    ffi (1.11.3)
    fission (0.5.0)
      CFPropertyList (~> 2.2)
    fog (1.38.0)
      fog-aliyun (>= 0.1.0)
      fog-atmos
      fog-aws (>= 0.6.0)
      fog-brightbox (~> 0.4)
      fog-cloudatcost (~> 0.1.0)
      fog-core (~> 1.32)
      fog-dynect (~> 0.0.2)
      fog-ecloud (~> 0.1)
      fog-google (<= 0.1.0)
      fog-json
      fog-local
      fog-openstack
      fog-powerdns (>= 0.1.1)
      fog-profitbricks
      fog-rackspace
      fog-radosgw (>= 0.0.2)
      fog-riakcs
      fog-sakuracloud (>= 0.0.4)
      fog-serverlove
      fog-softlayer
      fog-storm_on_demand
      fog-terremark
      fog-vmfusion
      fog-voxel
      fog-vsphere (>= 0.4.0)
      fog-xenserver
      fog-xml (~> 0.1.1)
      ipaddress (~> 0.5)
    fog-aliyun (0.3.5)
      fog-core
      fog-json
      ipaddress (~> 0.8)
      xml-simple (~> 1.1)
    fog-atmos (0.1.0)
      fog-core
      fog-xml
    fog-aws (2.0.1)
      fog-core (~> 1.38)
      fog-json (~> 1.0)
      fog-xml (~> 0.1)
      ipaddress (~> 0.8)
    fog-brightbox (0.16.1)
      dry-inflector
      fog-core
      fog-json
      mime-types
    fog-cloudatcost (0.1.2)
      fog-core (~> 1.36)
      fog-json (~> 1.0)
      fog-xml (~> 0.1)
      ipaddress (~> 0.8)
    fog-core (1.45.0)
      builder
      excon (~> 0.58)
      formatador (~> 0.2)
    fog-dynect (0.0.3)
      fog-core
      fog-json
      fog-xml
    fog-ecloud (0.3.0)
      fog-core
      fog-xml
    fog-google (0.1.0)
      fog-core
      fog-json
      fog-xml
    fog-json (1.2.0)
      fog-core
      multi_json (~> 1.10)
    fog-local (0.6.0)
      fog-core (>= 1.27, < 3.0)
    fog-openstack (0.3.10)
      fog-core (>= 1.45, <= 2.1.0)
      fog-json (>= 1.0)
      ipaddress (>= 0.8)
    fog-powerdns (0.2.0)
      fog-core
      fog-json
      fog-xml
    fog-profitbricks (4.1.1)
      fog-core (~> 1.42)
      fog-json (~> 1.0)
    fog-rackspace (0.1.6)
      fog-core (>= 1.35)
      fog-json (>= 1.0)
      fog-xml (>= 0.1)
      ipaddress (>= 0.8)
    fog-radosgw (0.0.5)
      fog-core (>= 1.21.0)
      fog-json
      fog-xml (>= 0.0.1)
    fog-riakcs (0.1.0)
      fog-core
      fog-json
      fog-xml
    fog-sakuracloud (1.7.5)
      fog-core
      fog-json
    fog-serverlove (0.1.2)
      fog-core
      fog-json
    fog-softlayer (1.1.4)
      fog-core
      fog-json
    fog-storm_on_demand (0.1.1)
      fog-core
      fog-json
    fog-terremark (0.1.0)
      fog-core
      fog-xml
    fog-vmfusion (0.1.0)
      fission
      fog-core
    fog-voxel (0.1.0)
      fog-core
      fog-xml
    fog-vsphere (3.2.1)
      fog-core
      rbvmomi (>= 1.9, < 3)
    fog-xenserver (1.0.0)
      fog-core
      fog-xml
      xmlrpc
    fog-xml (0.1.3)
      fog-core
      nokogiri (>= 1.5.11, < 2.0.0)
    formatador (0.2.5)
    globalid (0.4.2)
      activesupport (>= 4.2.0)
    httparty (0.13.7)
      json (~> 1.8)
      multi_xml (>= 0.5.2)
    i18n (1.7.0)
      concurrent-ruby (~> 1.0)
    image_processing (1.10.0)
      mini_magick (>= 4.9.5, < 5)
      ruby-vips (>= 2.0.13, < 3)
    ipaddress (0.8.3)
    json (1.8.6)
    jsonapi-renderer (0.2.2)
    kaminari (1.1.1)
      activesupport (>= 4.1.0)
      kaminari-actionview (= 1.1.1)
      kaminari-activerecord (= 1.1.1)
      kaminari-core (= 1.1.1)
    kaminari-actionview (1.1.1)
      actionview
      kaminari-core (= 1.1.1)
    kaminari-activerecord (1.1.1)
      activerecord
      kaminari-core (= 1.1.1)
    kaminari-core (1.1.1)
    listen (3.2.1)
      rb-fsevent (~> 0.10, >= 0.10.3)
      rb-inotify (~> 0.9, >= 0.9.10)
    loofah (2.4.0)
      crass (~> 1.0.2)
      nokogiri (>= 1.5.9)
    mail (2.7.1)
      mini_mime (>= 0.1.1)
    marcel (0.3.3)
      mimemagic (~> 0.3.2)
    method_source (0.9.2)
    mime-types (3.3.1)
      mime-types-data (~> 3.2015)
    mime-types-data (3.2019.1009)
    mimemagic (0.3.3)
    mini_magick (4.10.1)
    mini_mime (1.0.2)
    mini_portile2 (2.4.0)
    minitest (5.13.0)
    msgpack (1.3.1)
    multi_json (1.14.1)
    multi_xml (0.6.0)
    net-scp (2.0.0)
      net-ssh (>= 2.6.5, < 6.0.0)
    net-ssh (5.2.0)
    nio4r (2.5.2)
    nokogiri (1.10.7)
      mini_portile2 (~> 2.4.0)
    optimist (3.0.0)
    pg (1.2.1)
    pg_search (2.3.1)
      activerecord (>= 5.2)
      activesupport (>= 5.2)
    public_suffix (4.0.3)
    puma (4.3.1)
      nio4r (~> 2.0)
    rack (2.0.8)
    rack-cors (1.1.1)
      rack (>= 2.0.0)
    rack-test (1.1.0)
      rack (>= 1.0, < 3)
    rails (5.2.4.1)
      actioncable (= 5.2.4.1)
      actionmailer (= 5.2.4.1)
      actionpack (= 5.2.4.1)
      actionview (= 5.2.4.1)
      activejob (= 5.2.4.1)
      activemodel (= 5.2.4.1)
      activerecord (= 5.2.4.1)
      activestorage (= 5.2.4.1)
      activesupport (= 5.2.4.1)
      bundler (>= 1.3.0)
      railties (= 5.2.4.1)
      sprockets-rails (>= 2.0.0)
    rails-dom-testing (2.0.3)
      activesupport (>= 4.2.0)
      nokogiri (>= 1.6)
    rails-html-sanitizer (1.3.0)
      loofah (~> 2.3)
    railties (5.2.4.1)
      actionpack (= 5.2.4.1)
      activesupport (= 5.2.4.1)
      method_source
      rake (>= 0.8.7)
      thor (>= 0.19.0, < 2.0)
    rake (13.0.1)
    rb-fsevent (0.10.3)
    rb-inotify (0.10.1)
      ffi (~> 1.0)
    rbvmomi (2.3.0)
      builder (~> 3.0)
      json (>= 1.8)
      nokogiri (~> 1.5)
      optimist (~> 3.0)
    rgeo (0.6.0)
    rgeo-geojson (0.4.3)
      rgeo (~> 0.5)
    roo (2.7.1)
      nokogiri (~> 1)
      rubyzip (~> 1.1, < 2.0.0)
    rspec-core (3.9.1)
      rspec-support (~> 3.9.1)
    rspec-expectations (3.9.0)
      diff-lcs (>= 1.2.0, < 2.0)
      rspec-support (~> 3.9.0)
    rspec-mocks (3.9.1)
      diff-lcs (>= 1.2.0, < 2.0)
      rspec-support (~> 3.9.0)
    rspec-rails (3.9.0)
      actionpack (>= 3.0)
      activesupport (>= 3.0)
      railties (>= 3.0)
      rspec-core (~> 3.9.0)
      rspec-expectations (~> 3.9.0)
      rspec-mocks (~> 3.9.0)
      rspec-support (~> 3.9.0)
    rspec-support (3.9.2)
    ruby-vips (2.0.16)
      ffi (~> 1.9)
    rubyzip (1.3.0)
    seed_dump (3.3.1)
      activerecord (>= 4)
      activesupport (>= 4)
    shoulda-matchers (3.1.3)
      activesupport (>= 4.0.0)
    simplecov (0.16.1)
      docile (~> 1.1)
      json (>= 1.8, < 3)
      simplecov-html (~> 0.10.0)
    simplecov-html (0.10.2)
    spring (2.1.0)
    sprockets (4.0.0)
      concurrent-ruby (~> 1.0)
      rack (> 1, < 3)
    sprockets-rails (3.2.1)
      actionpack (>= 4.0)
      activesupport (>= 4.0)
      sprockets (>= 3.0.0)
    sshkit (1.20.0)
      net-scp (>= 1.1.2)
      net-ssh (>= 2.8.0)
    sync (0.5.0)
    term-ansicolor (1.7.1)
      tins (~> 1.0)
    thor (0.20.3)
    thread_safe (0.3.6)
    tins (1.23.0)
      sync
    tzinfo (1.2.6)
      thread_safe (~> 0.1)
    web-console (2.3.0)
      activemodel (>= 4.0)
      binding_of_caller (>= 0.7.2)
      railties (>= 4.0)
      sprockets-rails (>= 2.0, < 4.0)
    websocket-driver (0.7.1)
      websocket-extensions (>= 0.1.0)
    websocket-extensions (0.1.4)
    xml-simple (1.1.5)
    xmlrpc (0.3.0)
    yard (0.9.23)

PLATFORMS
  ruby

DEPENDENCIES
  active_model_serializers (~> 0.10.0.rc3)
  activerecord-postgis-adapter
  acts-as-taggable-on
  bootsnap
  bundler-audit
  byebug
  cancan
  capistrano-passenger
  capistrano-rails
  capistrano-rbenv
  carrierwave
  coveralls
  database_cleaner
  factory_bot_rails
  faker!
  fog
  httparty
  json
  kaminari
  listen
  mini_magick
  nokogiri
  pg
  pg_search
  puma
  rack-cors
  rails (~> 5.2)
  rails_api_auth!
  rgeo
  rgeo-activerecord!
  rgeo-geojson
  roo
  rspec-rails
  seed_dump
  shoulda-matchers
  simplecov
  spring
  web-console
  yard

BUNDLED WITH
   2.1.0
